GEM
  remote: http://rubygems.org/
  specs:
    SystemTimer (1.2.3)
    addressable (2.2.7)
    backports (2.3.0)
    columnize (0.3.6)
    linecache (0.46)
      rbx-require-relative (> 0.0.4)
    nokogiri (1.5.2)
    rack (1.2.5)
    rack-flash (0.1.2)
      rack
    rack-test (0.6.1)
      rack (>= 1.0)
    rbx-require-relative (0.0.9)
    redis (2.2.2)
    ruby-debug (0.10.4)
      columnize (>= 0.1)
      ruby-debug-base (~> 0.10.4.0)
    ruby-debug-base (0.10.4)
      linecache (>= 0.3)
    shotgun (0.9)
      rack (>= 1.0)
    shoulda (2.11.3)
    sinatra (1.1.0)
      rack (~> 1.1)
      tilt (~> 1.1)
    tilt (1.3.3)
    warden (1.1.1)
      rack (>= 1.0)
    webrat (0.7.3)
      nokogiri (>= 1.2.0)
      rack (>= 1.0)
      rack-test (>= 0.5.3)

PLATFORMS
  ruby

DEPENDENCIES
  SystemTimer (~> 1.2)
  addressable (~> 2.2.6)
  backports
  nokogiri (~> 1.5.0)
  rack (~> 1.2.0)
  rack-flash
  redis (~> 2.0)
  ruby-debug
  shotgun
  shoulda (~> 2.11)
  sinatra (= 1.1)
  warden
  webrat
